GEM
  specs:
    erubis (2.7.0)
    multi_json (1.11.2)
    sqlite3 (1.3.10)

PLATFORMS
  ruby

DEPENDENCIES
  erubis
  multi_json
  sqlite3
