GEM
  specs:
    sqlite3 (1.3.10)

PLATFORMS
  ruby

DEPENDENCIES
  sqlite3
